GEM
  remote: http://rubygems.org/
  specs:
    builder (3.2.2)
    childprocess (0.5.3)
      ffi (~> 1.0, >= 1.0.11)
    ci_reporter (1.9.2)
      builder (>= 2.1.2)
    ffi (1.9.3)
    ffi (1.9.3-x86-mingw32)
    httpclient (2.3.4.1)
    load_runner (1.0.0)
    log4r (1.1.10)
    mime-types (2.2)
    minitest (4.7.5)
    multi_json (1.10.0)
    rake (10.0.4)
    require_all (1.3.2)
    rest-client (1.6.7)
      mime-types (>= 1.16)
    rubyzip (1.1.3)
    selenium-webdriver (2.41.0)
      childprocess (>= 0.5.0)
      multi_json (~> 1.0)
      rubyzip (~> 1.0)
      websocket (~> 1.0.4)
    websocket (1.0.7)

PLATFORMS
  ruby
  x86-mingw32

DEPENDENCIES
  ci_reporter (>= 1.7)
  httpclient
  load_runner (~> 1.0.0)
  log4r
  minitest (< 5.0.0)
  rake (~> 10.0.1)
  require_all
  rest-client (>= 1.6)
  selenium-webdriver (>= 2.25)
